PATH
  remote: .
  specs:
    kokonfig (0.1.0)
      erb (~> 2.2)

GEM
  remote: https://rubygems.org/
  specs:
    diff-lcs (1.4.4)
    erb (2.2.0)
    rake (12.3.3)
    rspec (3.10.0)
      rspec-core (~> 3.10.0)
      rspec-expectations (~> 3.10.0)
      rspec-mocks (~> 3.10.0)
    rspec-core (3.10.0)
      rspec-support (~> 3.10.0)
    rspec-expectations (3.10.0)
      diff-lcs (>= 1.2.0, < 2.0)
      rspec-support (~> 3.10.0)
    rspec-mocks (3.10.0)
      diff-lcs (>= 1.2.0, < 2.0)
      rspec-support (~> 3.10.0)
    rspec-support (3.10.0)

PLATFORMS
  ruby

DEPENDENCIES
  kokonfig!
  rake (~> 12.0)
  rspec (~> 3.0)

BUNDLED WITH
   2.1.4
